PATH
  remote: .
  specs:
    uptrace (1.2.3)
      opentelemetry-exporter-otlp (~> 0.24.0)
      opentelemetry-sdk (~> 1.2.0)

GEM
  remote: https://rubygems.org/
  specs:
    ast (2.4.2)
    google-protobuf (3.21.9-x86_64-linux)
    googleapis-common-protos-types (1.4.0)
      google-protobuf (~> 3.14)
    minitest (5.16.3)
    opentelemetry-api (1.1.0)
    opentelemetry-common (0.19.6)
      opentelemetry-api (~> 1.0)
    opentelemetry-exporter-otlp (0.24.0)
      google-protobuf (~> 3.19)
      googleapis-common-protos-types (~> 1.3)
      opentelemetry-api (~> 1.1)
      opentelemetry-common (~> 0.19.6)
      opentelemetry-sdk (~> 1.2)
      opentelemetry-semantic_conventions
    opentelemetry-registry (0.2.0)
      opentelemetry-api (~> 1.1)
    opentelemetry-sdk (1.2.0)
      opentelemetry-api (~> 1.1)
      opentelemetry-common (~> 0.19.3)
      opentelemetry-registry (~> 0.2)
      opentelemetry-semantic_conventions
    opentelemetry-semantic_conventions (1.8.0)
      opentelemetry-api (~> 1.0)
    parallel (1.22.1)
    parser (3.1.2.1)
      ast (~> 2.4.1)
    rainbow (3.1.1)
    rake (13.0.6)
    regexp_parser (2.6.0)
    rexml (3.2.5)
    rubocop (1.28.2)
      parallel (~> 1.10)
      parser (>= 3.1.0.0)
      rainbow (>= 2.2.2, < 4.0)
      regexp_parser (>= 1.8, < 3.0)
      rexml
      rubocop-ast (>= 1.17.0, < 2.0)
      ruby-progressbar (~> 1.7)
      unicode-display_width (>= 1.4.0, < 3.0)
    rubocop-ast (1.23.0)
      parser (>= 3.1.1.0)
    rubocop-minitest (0.19.1)
      rubocop (>= 0.90, < 2.0)
    rubocop-rake (0.6.0)
      rubocop (~> 1.0)
    ruby-progressbar (1.11.0)
    unicode-display_width (2.3.0)
    yard (0.9.32)
    yard-doctest (0.1.17)
      minitest
      yard

PLATFORMS
  x86_64-linux

DEPENDENCIES
  bundler (~> 2.2)
  minitest (~> 5.0)
  rake (~> 13.0)
  rubocop (~> 1.28.2)
  rubocop-minitest (~> 0.19.1)
  rubocop-rake (~> 0.6.0)
  uptrace!
  yard (~> 0.9)
  yard-doctest (~> 0.1.6)

BUNDLED WITH
   2.2.28
